GEM
  remote: https://rubygems.org/
  specs:
    activemodel (7.0.3.1)
      activesupport (= 7.0.3.1)
    activerecord (7.0.3.1)
      activemodel (= 7.0.3.1)
      activesupport (= 7.0.3.1)
    activesupport (7.0.3.1)
      concurrent-ruby (~> 1.0, >= 1.0.2)
      i18n (>= 1.6, < 2)
      minitest (>= 5.1)
      tzinfo (~> 2.0)
    concurrent-ruby (1.1.10)
    ffi (1.15.5)
    get_process_mem (0.2.7)
      ffi (~> 1.0)
    i18n (1.12.0)
      concurrent-ruby (~> 1.0)
    memory_profiler (1.0.0)
    minitest (5.16.2)
    sqlite3 (1.4.4)
    tzinfo (2.0.5)
      concurrent-ruby (~> 1.0)

PLATFORMS
  x86_64-darwin-20

DEPENDENCIES
  activerecord
  activesupport
  get_process_mem
  memory_profiler
  sqlite3 (~> 1.3, >= 1.3.11)

BUNDLED WITH
   2.2.19
